GEM
  remote: http://rubygems.org/
  specs:
    activesupport (6.0.0)
      concurrent-ruby (~> 1.0, >= 1.0.2)
      i18n (>= 0.7, < 2)
      minitest (~> 5.1)
      tzinfo (~> 1.1)
      zeitwerk (~> 2.1, >= 2.1.8)
    barometer (0.7.3)
      httparty (>= 0.4.5)
      nokogiri
      tzinfo (>= 0.3.14)
    chronic (0.6.6)
    cinch (1.1.3)
    concurrent-ruby (1.1.5)
    httparty (0.8.1)
      multi_json
      multi_xml
    i18n (1.7.0)
      concurrent-ruby (~> 1.0)
    json (1.6.3)
    mime-types (1.16)
    minitest (5.12.2)
    multi_json (1.0.4)
    multi_xml (0.4.1)
    nokogiri (1.5.0)
    rest-client (1.6.7)
      mime-types (>= 1.16)
    thread_safe (0.3.6)
    tzinfo (1.2.5)
      thread_safe (~> 0.1)
    zeitwerk (2.2.0)

PLATFORMS
  ruby

DEPENDENCIES
  activesupport
  barometer
  chronic
  cinch
  json
  rest-client
