GEM
  remote: http://rubygems.org/
  specs:
    barometer (0.7.3)
      httparty (>= 0.4.5)
      nokogiri
      tzinfo (>= 0.3.14)
    chronic (0.6.6)
    cinch (1.1.3)
    httparty (0.8.1)
      multi_json
      multi_xml
    json (1.6.3)
    mime-types (1.16)
    multi_json (1.0.4)
    multi_xml (0.4.1)
    nokogiri (1.5.0)
    rest-client (1.6.7)
      mime-types (>= 1.16)
    tzinfo (0.3.31)

PLATFORMS
  ruby

DEPENDENCIES
  barometer
  chronic
  cinch
  json
  rest-client
