GEM
  remote: http://rubygems.org/
  specs:
    activesupport (3.0.0)
    barometer (0.7.3)
      httparty (>= 0.4.5)
      nokogiri
      tzinfo (>= 0.3.14)
    chronic (0.6.6)
    cinch (1.1.3)
    httparty (0.17.1)
      mime-types (~> 3.0)
      multi_xml (>= 0.5.2)
    json (1.6.3)
    mime-types (3.3)
      mime-types-data (~> 3.2015)
    mime-types-data (3.2019.1009)
    multi_xml (0.6.0)
    nokogiri (1.5.0)
    rest-client (1.6.7)
      mime-types (>= 1.16)
    tzinfo (0.3.31)

PLATFORMS
  ruby

DEPENDENCIES
  activesupport
  barometer
  chronic
  cinch
  json
  rest-client
