GEM
  remote: http://rubygems.org/
  specs:
    activesupport (3.0.0)
    barometer (0.7.3)
      httparty (>= 0.4.5)
      nokogiri
      tzinfo (>= 0.3.14)
    chronic (0.6.6)
    cinch (1.1.3)
    domain_name (0.5.20190701)
      unf (>= 0.0.5, < 1.0.0)
    http-cookie (1.0.3)
      domain_name (~> 0.5)
    httparty (0.8.1)
      multi_json
      multi_xml
    json (1.6.3)
    mime-types (2.99.3)
    multi_json (1.0.4)
    multi_xml (0.4.1)
    netrc (0.11.0)
    nokogiri (1.5.0)
    rest-client (1.8.0)
      http-cookie (>= 1.0.2, < 2.0)
      mime-types (>= 1.16, < 3.0)
      netrc (~> 0.7)
    tzinfo (0.3.31)
    unf (0.1.4)
      unf_ext
    unf_ext (0.0.7.6)

PLATFORMS
  ruby

DEPENDENCIES
  activesupport
  barometer
  chronic
  cinch
  json
  rest-client
